STORAGE: NONE

GROUP grpc_csharp_dependencies
RESTRICTION: == net6.0
NUGET
  remote: https://api.nuget.org/v3/index.json
    Google.Protobuf (3.28.3)
    Grpc.AspNetCore (2.66)
      Google.Protobuf (>= 3.27)
      Grpc.AspNetCore.Server.ClientFactory (>= 2.66)
      Grpc.Tools (>= 2.66)
    Grpc.AspNetCore.Server (2.66)
      Grpc.Net.Common (>= 2.66)
    Grpc.AspNetCore.Server.ClientFactory (2.66)
      Grpc.AspNetCore.Server (>= 2.66)
      Grpc.Net.ClientFactory (>= 2.66)
    Grpc.Core (2.46.6)
      Grpc.Core.Api (>= 2.46.6)
      System.Memory (>= 4.5.3)
    Grpc.Core.Api (2.66)
    Grpc.Net.Client (2.66)
      Grpc.Net.Common (>= 2.66)
      Microsoft.Extensions.Logging.Abstractions (>= 6.0)
    Grpc.Net.ClientFactory (2.66)
      Grpc.Net.Client (>= 2.66)
      Microsoft.Extensions.Http (>= 6.0)
    Grpc.Net.Common (2.66)
      Grpc.Core.Api (>= 2.66)
    Grpc.Tools (2.67)
    Microsoft.Extensions.Configuration.Abstractions (8.0)
      Microsoft.Extensions.Primitives (>= 8.0)
    Microsoft.Extensions.DependencyInjection (8.0.1)
      Microsoft.Extensions.DependencyInjection.Abstractions (>= 8.0.2)
    Microsoft.Extensions.DependencyInjection.Abstractions (8.0.2)
    Microsoft.Extensions.Http (8.0.1)
      Microsoft.Extensions.Configuration.Abstractions (>= 8.0)
      Microsoft.Extensions.DependencyInjection.Abstractions (>= 8.0.2)
      Microsoft.Extensions.Logging (>= 8.0.1)
      Microsoft.Extensions.Logging.Abstractions (>= 8.0.2)
      Microsoft.Extensions.Options (>= 8.0.2)
    Microsoft.Extensions.Logging (8.0.1)
      Microsoft.Extensions.DependencyInjection (>= 8.0.1)
      Microsoft.Extensions.Logging.Abstractions (>= 8.0.2)
      Microsoft.Extensions.Options (>= 8.0.2)
    Microsoft.Extensions.Logging.Abstractions (8.0.2)
      Microsoft.Extensions.DependencyInjection.Abstractions (>= 8.0.2)
      System.Diagnostics.DiagnosticSource (>= 8.0.1)
    Microsoft.Extensions.Options (8.0.2)
      Microsoft.Extensions.DependencyInjection.Abstractions (>= 8.0)
      Microsoft.Extensions.Primitives (>= 8.0)
    Microsoft.Extensions.Primitives (8.0)
      System.Runtime.CompilerServices.Unsafe (>= 6.0)
    System.Diagnostics.DiagnosticSource (8.0.1)
      System.Runtime.CompilerServices.Unsafe (>= 6.0)
    System.Memory (4.5.5)
    System.Runtime.CompilerServices.Unsafe (6.0)

GROUP grpc_csharp_dev_dependencies
RESTRICTION: == net6.0
NUGET
  remote: https://api.nuget.org/v3/index.json
    Grpc.AspNetCore.Server (2.66)
      Grpc.Net.Common (>= 2.66)
    Grpc.Core.Api (2.66)
    Grpc.Net.Common (2.66)
      Grpc.Core.Api (>= 2.66)
    Microsoft.AspNetCore.App.Ref (8.0.10)
    Newtonsoft.Json (13.0.3)
